GEM
  remote: http://rubygems.org/
  specs:
    actionmailer (2.3.12)
      actionpack (= 2.3.12)
    actionpack (2.3.12)
      activesupport (= 2.3.12)
      rack (~> 1.1.0)
    activerecord (2.3.12)
      activesupport (= 2.3.12)
    activeresource (2.3.12)
      activesupport (= 2.3.12)
    activesupport (2.3.12)
    aker (3.0.2)
      activesupport (>= 2.3.0)
      castanet (~> 1.0.0)
      i18n (~> 0.4)
      net-ldap (~> 0.1.1)
      rubytree (~> 0.7.0)
      warden (~> 1.0)
    aker-rails (2.0.2)
      aker (~> 3.0)
      rails (~> 2.3.5)
    awesome_nested_set (1.4.3)
      activerecord (>= 1.1)
    bcdatabase (1.0.6)
      activesupport (>= 2.0)
      highline (~> 1.5)
      i18n
    bio (1.4.2)
    castanet (1.0.1)
    fastercsv (1.5.4)
    haml (3.0.25)
    highline (1.6.2)
    i18n (0.6.0)
    net-ldap (0.1.1)
    pg (0.11.0)
    princely (1.2.5)
    rack (1.1.2)
    rails (2.3.12)
      actionmailer (= 2.3.12)
      actionpack (= 2.3.12)
      activerecord (= 2.3.12)
      activeresource (= 2.3.12)
      activesupport (= 2.3.12)
      rake (>= 0.8.3)
    rake (0.9.2)
    rdoc (3.6.1)
    rmagick (2.13.1)
    ruby-graphviz (0.9.20)
    rubytree (0.7.0)
    warden (1.0.6)
      rack (>= 1.0)
    will_paginate (2.3.15)

PLATFORMS
  ruby

DEPENDENCIES
  aker
  aker-rails
  awesome_nested_set (~> 1.4)
  bcdatabase (~> 1.0.6)
  bio
  bundler
  fastercsv
  haml
  net-ldap
  pg
  princely (~> 1.2.5)
  rails (~> 2.3.5)
  rdoc
  rmagick
  ruby-graphviz
  will_paginate
