GEM
  remote: http://rubygems.org/
  remote: http://download.bioinformatics.northwestern.edu/gems/
  specs:
    actionmailer (2.3.12)
      actionpack (= 2.3.12)
    actionpack (2.3.12)
      activesupport (= 2.3.12)
      rack (~> 1.1.0)
    activerecord (2.3.12)
      activesupport (= 2.3.12)
    activeresource (2.3.12)
      activesupport (= 2.3.12)
    activesupport (2.3.12)
    awesome_nested_set (1.4.3)
      activerecord (>= 1.1)
    bcaudit (0.1.0)
      activerecord (>= 2.3.2)
      rack (~> 1.1)
    bcdatabase (1.0.6)
      activesupport (>= 2.0)
      highline (~> 1.5)
      i18n
    bcsec (2.0.6)
      activerecord (~> 2.3.5)
      activesupport (~> 2.3.5)
      bcaudit (~> 0.0, >= 0.0.3)
      bcdatabase (~> 1.0)
      composite_primary_keys (~> 2.3.5)
      net-ldap (~> 0.1.1)
      rubycas-client (~> 2.1.0)
      rubytree (~> 0.7.0)
      schema_qualified_tables (~> 1.0)
      warden (~> 0.10.3)
    bcsec-rails (2.0.1)
      bcsec (>= 2.0.0)
      rails (~> 2.3.5)
    bio (1.4.1)
    composite_primary_keys (2.3.5.1)
      activerecord (>= 2.3.5)
    fastercsv (1.5.4)
    haml (3.0.25)
    highline (1.6.2)
    i18n (0.6.0)
    net-ldap (0.1.1)
    pg (0.11.0)
    princely (1.2.5)
    rack (1.1.2)
    rails (2.3.12)
      actionmailer (= 2.3.12)
      actionpack (= 2.3.12)
      activerecord (= 2.3.12)
      activeresource (= 2.3.12)
      activesupport (= 2.3.12)
      rake (>= 0.8.3)
    rake (0.9.2)
    rdoc (3.6.1)
    rmagick (2.13.1)
    ruby-graphviz (0.9.20)
    ruby-net-ldap (0.0.4)
    rubycas-client (2.1.0)
      activesupport
    rubytree (0.7.0)
    schema_qualified_tables (1.0.0)
      activerecord (>= 2.3)
    warden (0.10.7)
      rack (>= 1.0.0)
    will_paginate (2.3.15)

PLATFORMS
  ruby

DEPENDENCIES
  awesome_nested_set (~> 1.4)
  bcdatabase (~> 1.0.6)
  bcsec (= 2.0.6)
  bcsec-rails (~> 2.0)
  bio
  bundler
  fastercsv
  haml
  pg
  princely (~> 1.2.5)
  rails (~> 2.3.5)
  rdoc
  rmagick
  ruby-graphviz
  ruby-net-ldap
  will_paginate
