GEM
  specs:
    actionmailer (2.3.16)
      actionpack (= 2.3.16)
    actionpack (2.3.16)
      activesupport (= 2.3.16)
      rack (~> 1.1.0)
    activerecord (2.3.16)
      activesupport (= 2.3.16)
    activeresource (2.3.16)
      activesupport (= 2.3.16)
    activesupport (2.3.16)
    aker (3.0.4)
      activesupport (>= 2.3.0)
      castanet (~> 1.0.0)
      i18n (~> 0.4)
      net-ldap (~> 0.1.1)
      rubytree (~> 0.7.0)
      warden (~> 1.0)
    aker-rails (2.0.3)
      aker (~> 3.0)
      rails (~> 2.3.11)
    awesome_nested_set (1.4.4)
      activerecord (>= 1.1)
    bcdatabase (1.0.6)
      activesupport (>= 2.0)
      highline (~> 1.5)
      i18n
    bio (1.4.3)
    castanet (1.0.1)
    fastercsv (1.5.5)
    haml (3.1.7)
    highline (1.6.15)
    i18n (0.6.1)
    json (1.6.6)
    net-ldap (0.1.1)
    pg (0.14.1)
    princely (1.2.5)
    rack (1.1.5)
    rails (2.3.16)
      actionmailer (= 2.3.16)
      actionpack (= 2.3.16)
      activerecord (= 2.3.16)
      activeresource (= 2.3.16)
      activesupport (= 2.3.16)
      rake (>= 0.8.3)
    rake (10.0.3)
    rdoc (3.12)
      json (~> 1.4)
    rmagick (2.13.1)
    ruby-graphviz (1.0.8)
    rubytree (0.7.0)
    warden (1.2.1)
      rack (>= 1.0)
    will_paginate (2.3.16)

PLATFORMS
  ruby

DEPENDENCIES
  aker
  aker-rails
  awesome_nested_set (~> 1.4)
  bcdatabase (~> 1.0.6)
  bio
  bundler
  fastercsv
  haml
  json (= 1.6.6)
  net-ldap
  pg
  princely (~> 1.2.5)
  rails (~> 2.3)
  rdoc
  rmagick
  ruby-graphviz
  will_paginate (~> 2.3)
